GIT
  remote: https://github.com/ffi/ffi.git
  revision: 07a1c0c028942f786b80f48206795a8fa6b0e8f5
  submodules: true
  specs:
    ffi (1.15.5)

GEM
  specs:

PLATFORMS
  universal-darwin-19
  universal-darwin-21

DEPENDENCIES
  ffi!

BUNDLED WITH
   2.2.21
